GEM
  remote: https://rubygems.org/
  specs:
    cuba (3.1.0)
      rack
    daemons (1.1.9)
    eventmachine (1.0.3)
    haml (4.0.5)
      tilt
    rack (1.5.2)
    thin (1.6.1)
      daemons (>= 1.0.9)
      eventmachine (>= 1.0.0)
      rack (>= 1.0.0)
    tilt (2.0.0)

PLATFORMS
  ruby

DEPENDENCIES
  cuba
  haml
  thin
